GEM
  remote: https://rubygems.org/
  specs:
    builder (3.2.3)
    mini_portile2 (2.4.0)
    mustermann (1.0.3)
    nokogiri (1.10.2)
      mini_portile2 (~> 2.4.0)
    puma (3.12.1)
    rack (2.0.6)
    rack-protection (2.0.5)
      rack
    sinatra (2.0.5)
      mustermann (~> 1.0)
      rack (~> 2.0)
      rack-protection (= 2.0.5)
      tilt (~> 2.0)
    tilt (2.0.9)

PLATFORMS
  ruby

DEPENDENCIES
  builder
  nokogiri (~> 1.10)
  puma
  sinatra (~> 2.0)

BUNDLED WITH
   2.0.1
